GEM
  remote: https://rubygems.org/
  specs:
    sass (3.4.5)
    sass-globbing (1.1.0)
      sass (>= 3.1)
    susy (2.1.3)
      sass (>= 3.3.0, < 3.5)

PLATFORMS
  ruby

DEPENDENCIES
  sass (> 3.4)
  sass-globbing (= 1.1.0)
  susy (= 2.1.3)
